GEM
  remote: https://rubygems.org/
  specs:
    simple_cpf_cnpj (1.0.1)

PLATFORMS
  x86_64-linux

DEPENDENCIES
  simple_cpf_cnpj

BUNDLED WITH
   2.4.10
